GEM
  remote: https://rubygems.org/
  specs:
    pg (0.19.0)
    puma (3.7.1)
    rack (2.0.1)
    sequel (4.43.0)

PLATFORMS
  ruby

DEPENDENCIES
  pg
  puma
  rack (~> 2.0.1)
  sequel (~> 4.43.0)

BUNDLED WITH
   1.13.7
